{
	"TaskName": "ssvep",
	"Manufacturer": "BioSemi",
	"PowerLineFrequency": 50.0,
	"SamplingFrequency": 512.0,
	"SoftwareFilters": "n/a",
	"RecordingDuration": 1190.453125,
	"RecordingType": "continuous",
	"EEGReference": "CMS/DRL",
	"EEGGround": "n/a",
	"EEGPlacementScheme": "BioSemi 32-channel cap",
	"EEGChannelCount": 32,
	"EOGChannelCount": 0,
	"ECGChannelCount": 0,
	"EMGChannelCount": 0,
	"TriggerChannelCount": 0,
	"ManufacturersModelName": "BioSemi ActiveTwo",
	"CapManufacturer": "BioSemi",
	"HardwareFilters": "n/a",
	"TaskDescription": "[spatial navigation] Spatial navigation with single 15 Hz flicker stimulus frequencies: [15.0] Hz.",
	"Instructions": "n/a",
	"InstitutionName": "University Medical Center Hamburg-Eppendorf",
	"InstitutionAddress": "DE",
	"InstitutionalDepartmentName": "Department of Neurophysiology and Pathophysiology, University Medical Center Hamburg-Eppendorf",
	"CapManufacturersModelName": "n/a",
	"SubjectArtefactDescription": "n/a",
	"DeviceSerialNumber": "n/a",
	"Description": "EEG recording.",
	"MISCChannelCount": 0
}